GEM
  remote: https://rubygems.org/
  specs:
    backports (3.8.0)
    dotenv (2.2.1)
    json (2.1.0)
    multi_json (1.12.1)
    pg (0.20.0)
    rack (1.6.5)
    rack-protection (1.5.3)
      rack
    rack-test (0.6.3)
      rack (>= 1.0)
    rake (12.0.0)
    sequel (4.46.0)
    sequel-seed (1.0.0)
      sequel (>= 4.0)
    sinatra (1.4.8)
      rack (~> 1.5)
      rack-protection (~> 1.4)
      tilt (>= 1.3, < 3)
    sinatra-contrib (1.4.7)
      backports (>= 2.0)
      multi_json
      rack-protection
      rack-test
      sinatra (~> 1.4.0)
      tilt (>= 1.3, < 3)
    tilt (2.0.7)

PLATFORMS
  ruby

DEPENDENCIES
  dotenv
  json
  pg
  rack (~> 1.5)
  rake
  sequel
  sequel-seed
  sinatra (~> 1.4.8)
  sinatra-contrib (~> 1.4.7)

BUNDLED WITH
   1.14.6
